GEM
  remote: https://rubygems.org/
  specs:
    gondler (0.2.0)
      thor (~> 0.18.1)
    thor (0.18.1)

PLATFORMS
  ruby

DEPENDENCIES
  gondler
